GEM
  remote: https://rubygems.org/
  specs:
    ansi (1.5.0)
    builder (3.3.0)
    date (3.4.1)
    debug (1.9.2)
      irb (~> 1.10)
      reline (>= 0.3.8)
    io-console (0.8.0)
    irb (1.14.2)
      rdoc (>= 4.0.0)
      reline (>= 0.4.2)
    minitest (5.25.4)
    minitest-focus (1.4.0)
      minitest (>= 4, < 6)
    minitest-reporters (1.7.1)
      ansi
      builder
      minitest (>= 5.0)
      ruby-progressbar
    psych (5.2.1)
      date
      stringio
    rdoc (6.8.1)
      psych (>= 4.0.0)
    reline (0.5.12)
      io-console (~> 0.5)
    ruby-progressbar (1.13.0)
    stringio (3.1.2)

PLATFORMS
  x86_64-darwin-21

DEPENDENCIES
  debug (>= 1.0.0)
  minitest
  minitest-focus
  minitest-reporters

BUNDLED WITH
   2.4.6
