GEM
  remote: https://rubygems.org/
  specs:
    ansi (1.5.0)
    builder (3.2.4)
    debug (1.3.4)
      irb (>= 1.3.6)
      reline (>= 0.2.7)
    io-console (0.5.9)
    irb (1.3.7)
      reline (>= 0.2.7)
    minitest (5.14.4)
    minitest-focus (1.3.1)
      minitest (>= 4, < 6)
    minitest-reporters (1.4.3)
      ansi
      builder
      minitest (>= 5.0)
      ruby-progressbar
    reline (0.2.7)
      io-console (~> 0.5)
    ruby-prof (1.4.3)
    ruby-progressbar (1.11.0)

PLATFORMS
  x86_64-darwin-20

DEPENDENCIES
  debug (>= 1.0.0)
  minitest
  minitest-focus
  minitest-reporters
  ruby-prof

BUNDLED WITH
   2.2.22
